PATH
  remote: .
  specs:
    everyday_cmd (0.0.1)

GEM
  remote: https://rubygems.org/
  specs:
    rake (10.4.2)

PLATFORMS
  ruby

DEPENDENCIES
  bundler (~> 1.7)
  everyday_cmd!
  rake (~> 10.4)

BUNDLED WITH
   1.10.6
